GEM
  remote: https://rubygems.org/
  specs:
    ansi (1.5.0)
    aws-sdk (2.3.9)
      aws-sdk-resources (= 2.3.9)
    aws-sdk-core (2.3.9)
      jmespath (~> 1.0)
    aws-sdk-resources (2.3.9)
      aws-sdk-core (= 2.3.9)
    coderay (1.1.1)
    hashie (3.4.4)
    itamae (1.9.6)
      ansi
      hashie
      schash (~> 0.1.0)
      specinfra (>= 2.37.0, < 3.0.0)
      thor
    jmespath (1.2.4)
      json_pure (>= 1.8.1)
    json_pure (1.8.3)
    method_source (0.8.2)
    net-scp (1.2.1)
      net-ssh (>= 2.6.5)
    net-ssh (3.1.1)
    net-telnet (0.1.1)
    pry (0.10.3)
      coderay (~> 1.1.0)
      method_source (~> 0.8.1)
      slop (~> 3.4)
    schash (0.1.2)
    sfl (2.2)
    slop (3.6.0)
    specinfra (2.57.5)
      net-scp
      net-ssh (>= 2.7, < 4.0)
      net-telnet
      sfl
    thor (0.19.1)

PLATFORMS
  ruby

DEPENDENCIES
  aws-sdk
  itamae
  pry
